GEM
  remote: https://rubygems.org/
  specs:
    ast (2.4.0)
    backports (3.8.0)
    erubi (1.6.1)
    jaro_winkler (1.5.4)
    json (2.3.0)
    multi_json (1.12.1)
    parallel (1.19.1)
    parser (2.7.0.5)
      ast (~> 2.4.0)
    passenger (6.0.4)
      rack
      rake (>= 0.8.1)
    rack (1.6.5)
    rack-protection (1.5.3)
      rack
    rack-test (0.7.0)
      rack (>= 1.0, < 3)
    rainbow (3.0.0)
    rake (11.2.2)
    rexml (3.2.4)
    rubocop (0.80.1)
      jaro_winkler (~> 1.5.1)
      parallel (~> 1.10)
      parser (>= 2.7.0.1)
      rainbow (>= 2.2.2, < 4.0)
      rexml
      ruby-progressbar (~> 1.7)
      unicode-display_width (>= 1.4.0, < 1.7)
    ruby-progressbar (1.10.1)
    sinatra (1.4.8)
      rack (~> 1.5)
      rack-protection (~> 1.4)
      tilt (>= 1.3, < 3)
    sinatra-contrib (1.4.7)
      backports (>= 2.0)
      multi_json
      rack-protection
      rack-test
      sinatra (~> 1.4.0)
      tilt (>= 1.3, < 3)
    tilt (2.0.7)
    unicode-display_width (1.6.1)

PLATFORMS
  ruby

DEPENDENCIES
  erubi
  json
  passenger
  rack-test
  rake (= 11.2.2)
  rubocop
  sinatra
  sinatra-contrib

BUNDLED WITH
   1.16.0
